GIT
  remote: git://github.com/migbar/twitter-stream.git
  revision: c1366638f90b5be162876a0f8a3185e1201d4629
  specs:
    twitter-stream (0.1.14)
      eventmachine (>= 0.12.8)
      http_parser.rb (~> 0.5.1)
      simple_oauth (~> 0.1.4)

GEM
  remote: http://rubygems.org/
  specs:
    activemodel (3.0.9)
      activesupport (= 3.0.9)
      builder (~> 2.1.2)
      i18n (~> 0.5.0)
    activerecord (3.0.9)
      activemodel (= 3.0.9)
      activesupport (= 3.0.9)
      arel (~> 2.0.10)
      tzinfo (~> 0.3.23)
    activesupport (3.0.9)
    addressable (2.2.6)
    arel (2.0.10)
    bson (1.4.0)
    bson_ext (1.4.0)
    builder (2.1.2)
    capybara (1.1.1)
      mime-types (>= 1.16)
      nokogiri (>= 1.3.3)
      rack (>= 1.0.0)
      rack-test (>= 0.5.4)
      selenium-webdriver (~> 2.0)
      xpath (~> 0.1.4)
    childprocess (0.2.2)
      ffi (~> 1.0.6)
    clockwork (0.2.3)
    crack (0.1.8)
    daemons (1.1.3)
    diff-lcs (1.1.3)
    em-http-request (0.3.0)
      addressable (>= 2.0.0)
      escape_utils
      eventmachine (>= 0.12.9)
    em-redis (0.3.0)
      eventmachine
    escape_utils (0.2.4)
    eventmachine (0.12.10)
    ffi (1.0.9)
    growl_notify (0.0.1)
      rb-appscript
    guard (0.8.4)
      thor (~> 0.14.6)
    guard-rspec (0.4.5)
      guard (>= 0.4.0)
    heroku (2.8.0)
      launchy (>= 0.3.2)
      rest-client (~> 1.6.1)
      rubyzip
      term-ansicolor (~> 1.0.5)
    http_parser.rb (0.5.2)
    i18n (0.5.0)
    json (1.4.6)
    json_pure (1.6.1)
    launchy (2.0.5)
      addressable (~> 2.2.6)
    mime-types (1.16)
    mongo (1.4.0)
      bson (= 1.4.0)
    nestful (0.0.7)
      activesupport (>= 3.0.0.beta)
    newrelic_rpm (2.14.1)
    nokogiri (1.5.0)
    pace (0.0.6)
      em-redis (>= 0.3.0)
    pg (0.11.0)
    pusher (0.8.0)
      crack (~> 0.1.0)
      json (~> 1.4.0)
      ruby-hmac (~> 0.4.0)
      signature (~> 0.1.2)
    rack (1.2.2)
    rack-test (0.6.1)
      rack (>= 1.0)
    rake (0.8.7)
    rb-appscript (0.6.1)
    rb-fsevent (0.4.3.1)
    redis (2.2.0)
    redis-namespace (1.0.3)
      redis (< 3.0.0)
    resque (1.16.1)
      json (>= 1.4.6, < 1.6)
      redis-namespace (~> 1.0.2)
      sinatra (>= 0.9.2)
      vegas (~> 0.1.2)
    rest-client (1.6.7)
      mime-types (>= 1.16)
    rspec (2.6.0)
      rspec-core (~> 2.6.0)
      rspec-expectations (~> 2.6.0)
      rspec-mocks (~> 2.6.0)
    rspec-core (2.6.4)
    rspec-expectations (2.6.0)
      diff-lcs (~> 1.1.2)
    rspec-mocks (2.6.0)
    ruby-hmac (0.4.0)
    rubyzip (0.9.4)
    selenium-webdriver (2.7.0)
      childprocess (>= 0.2.1)
      ffi (>= 1.0.7)
      json_pure
      rubyzip
    signature (0.1.2)
      ruby-hmac
    simple_oauth (0.1.5)
    sinatra (1.2.6)
      rack (~> 1.1)
      tilt (< 2.0, >= 1.2.2)
    sqlite3 (1.3.3)
    term-ansicolor (1.0.6)
    thin (1.2.11)
      daemons (>= 1.0.9)
      eventmachine (>= 0.12.6)
      rack (>= 1.0.0)
    thor (0.14.6)
    tilt (1.3)
    tweetstream (1.0.4)
      daemons
      twitter-stream
    tzinfo (0.3.28)
    vegas (0.1.8)
      rack (>= 1.0.0)
    xpath (0.1.4)
      nokogiri (~> 1.3)
    yajl-ruby (0.8.2)

PLATFORMS
  ruby

DEPENDENCIES
  activerecord (~> 3.0.9)
  bson_ext
  capybara
  clockwork
  em-http-request
  growl_notify
  guard
  guard-rspec
  heroku
  mongo
  nestful
  newrelic_rpm
  pace
  pg
  pusher
  rake
  rb-fsevent
  resque
  rspec
  sinatra
  sqlite3
  thin
  tweetstream
  twitter-stream!
  yajl-ruby
